GEM
  remote: http://rubygems.org/
  specs:
    fakefs (0.4.0)

PLATFORMS
  ruby

DEPENDENCIES
  fakefs
